[XTekCT]
Name=SNO20160626_R20_00_025Cu
InputSeparator=_
OutputSeparator=_
InputFolderName=
OutputFolderName=SNO20160626_R20_00_025Cu
VoxelsX=2000
VoxelsY=2000
VoxelsZ=2000
VoxelSizeX=0.013614837863123
VoxelSizeY=0.013614837863123
VoxelSizeZ=0.013614837863123
OffsetX=0
OffsetY=0
OffsetZ=0
SrcToObject=76.7511959075928
SrcToDetector=1127.464
MaskRadius=13.614837863123
DetectorPixelsX=2000
DetectorPixelsY=2000
DetectorPixelSizeX=0.2
DetectorPixelSizeY=0.2
DetectorOffsetX=0.0
DetectorOffsetY=0
CentreOfRotationTop=0.0
CentreOfRotationBottom=0.0
WhiteLevel=60000.0
Scattering=0.0
CoefX4=0
CoefX3=0
CoefX2=0
CoefX1=1
CoefX0=0
Scale=1
RegionStartX=0
RegionStartY=0
RegionPixelsX=2000
RegionPixelsY=2000
Projections=3142
InitialAngle=3.36500000953674
AngularStep=0.11457670273711
FilterType=0
CutOffFrequency=2.4999999627471
Exponent=1.0
Normalisation=1.0
InterpolationType=1
MedianFilterKernelSize=1
Scaling=1000.0
OutputUnits=/m
Units=mm
OutputType=0
TIFFScaling=1
ImportConversion=0
AutoScalingType=0
LowPercentile=0.2
HighPercentile=99.8
[CTPro]
FilterPreset=0
Filter_ThicknessMM=0.250
Filter_Material=Copper
Shuttling=False
[Xrays]
XraykV=160
XrayuA=140
